GEM
  remote: http://rubygems.org/
  specs:
    redcarpet (3.3.2)

PLATFORMS
  ruby

DEPENDENCIES
  redcarpet (= 3.3.2)

BUNDLED WITH
   1.11.2
